NUGET
  remote: https://api.nuget.org/v3/index.json
    Autofac (3.5.2) - framework: >= net46
    Chronic.Signed (0.3.2) - framework: >= net46
    FAKE (4.48) - framework: >= net46
    FSharp.Compiler.Service (8.0) - framework: >= net46
      System.Collections.Immutable (>= 1.2)
      System.Reflection.Metadata (>= 1.4.1-beta-24227-04)
    FSharp.Core (4.0.0.1) - framework: >= net46
    FSharp.Data (2.3.2) - framework: >= net46
    FsPickler (3.2) - framework: >= net46
    Microsoft.AspNet.WebApi.Client (5.2.3) - framework: >= net46
      Newtonsoft.Json (>= 6.0.4) - framework: >= net45, portable-wp80+win+wp81+wpa81
    Microsoft.AspNet.WebApi.Core (5.2.3) - framework: >= net46
      Microsoft.AspNet.WebApi.Client (>= 5.2.3)
    Microsoft.Bot.Builder (3.5) - framework: >= net46
      Autofac (>= 3.5.2)
      Chronic.Signed (>= 0.3.2)
      Microsoft.AspNet.WebApi.Core (>= 5.2.3)
      Microsoft.IdentityModel.Protocol.Extensions (>= 1.0.2.206221351)
      Microsoft.Rest.ClientRuntime (>= 2.3.2)
      Newtonsoft.Json (>= 8.0.3)
      System.IdentityModel.Tokens.Jwt (>= 4.0.2.206221351 < 5.0)
    Microsoft.IdentityModel.Protocol.Extensions (1.0.2.206221351) - framework: >= net46
      System.IdentityModel.Tokens.Jwt (>= 4.0.2.206221351)
    Microsoft.Rest.ClientRuntime (2.3.2) - framework: >= net46
      Newtonsoft.Json (>= 6.0.8) - framework: >= net45
    Microsoft.WindowsAzure.ConfigurationManager (3.2.1) - framework: >= net46
    Newtonsoft.Json (8.0.3) - framework: >= net46
    Suave (1.1.3) - framework: >= net46
      FSharp.Core (>= 3.1.2.5)
    System.Collections.Immutable (1.3.1) - framework: >= net46
    System.Diagnostics.DiagnosticSource (4.3) - framework: >= net46
    System.IdentityModel.Tokens.Jwt (4.0.2.206221351) - framework: >= net46
    System.IO (4.3) - framework: >= net463
    System.Net.Http (4.3) - framework: >= net46
      System.Diagnostics.DiagnosticSource (>= 4.3) - framework: >= net46, dnxcore50, netstandard13, >= netstandard16
      System.Security.Cryptography.X509Certificates (>= 4.3) - framework: >= net46, dnxcore50, netstandard13, >= netstandard16
    System.Reflection.Metadata (1.4.2) - framework: >= net46
      System.Collections.Immutable (>= 1.3.1) - framework: >= net45, >= netstandard11, monoandroid, monotouch, xamarinios, xamarinmac, winv4.5, wpav8.1
    System.Runtime (4.3) - framework: >= net463
    System.Security.Cryptography.Algorithms (4.3) - framework: >= net46
      System.IO (>= 4.3) - framework: >= net463, dnxcore50, netstandard13, netstandard14, >= netstandard16
      System.Runtime (>= 4.3) - framework: >= net463, dnxcore50, netstandard13, netstandard14, >= netstandard16
      System.Security.Cryptography.Encoding (>= 4.3) - framework: >= net463, dnxcore50, >= netstandard16
      System.Security.Cryptography.Primitives (>= 4.3) - framework: net46, net461, >= net463, dnxcore50, netstandard13, netstandard14, >= netstandard16
    System.Security.Cryptography.Encoding (4.3) - framework: >= net46
    System.Security.Cryptography.Primitives (4.3) - framework: net46, net461, >= net463
    System.Security.Cryptography.X509Certificates (4.3) - framework: >= net46
      System.Security.Cryptography.Algorithms (>= 4.3) - framework: net46, >= net461, dnxcore50, netstandard13, netstandard14, >= netstandard16
      System.Security.Cryptography.Encoding (>= 4.3) - framework: net46, >= net461, dnxcore50, netstandard13, netstandard14, >= netstandard16
